GEM
  remote: https://rubygems.org/
  specs:
    bindata (2.1.0)
    mini_portile (0.6.2)
    multi_json (1.10.1)
    nokogiri (1.6.6.2)
      mini_portile (~> 0.6.0)
    representable (2.1.5)
      multi_json
      nokogiri
      uber (~> 0.0.7)
    roar (1.0.0)
      representable (>= 2.0.1, <= 3.0.0)
    uber (0.0.13)

PLATFORMS
  ruby

DEPENDENCIES
  bindata
  roar
